GEM
  remote: https://rubygems.org/
  specs:
    date (3.4.1)
    nokogiri (1.18.10-arm64-darwin)
      racc (~> 1.4)
    open-uri (0.5.0)
      stringio
      time
      uri
    racc (1.8.1)
    stringio (3.1.7)
    time (0.4.1)
      date
    uri (1.0.3)

PLATFORMS
  arm64-darwin-24

DEPENDENCIES
  nokogiri
  open-uri

RUBY VERSION
   ruby 3.4.2p28

BUNDLED WITH
   2.7.2
